GEM
  remote: https://rubygems.org/
  specs:
    childprocess (1.0.1)
      rake (< 13.0)
    rake (12.3.3)
    rubyzip (1.2.3)
    selenium-webdriver (3.142.3)
      childprocess (>= 0.5, < 2.0)
      rubyzip (~> 1.2, >= 1.2.2)

PLATFORMS
  x64-mingw32

DEPENDENCIES
  selenium-webdriver (~> 3.142, >= 3.142.3)

BUNDLED WITH
   2.0.2
